GEM
  remote: https://rubygems.org/
  specs:
    actioncable (5.0.0.1)
      actionpack (= 5.0.0.1)
      nio4r (~> 1.2)
      websocket-driver (~> 0.6.1)
    actionmailer (5.0.0.1)
      actionpack (= 5.0.0.1)
      actionview (= 5.0.0.1)
      activejob (= 5.0.0.1)
      mail (~> 2.5, >= 2.5.4)
      rails-dom-testing (~> 2.0)
    actionpack (5.0.0.1)
      actionview (= 5.0.0.1)
      activesupport (= 5.0.0.1)
      rack (~> 2.0)
      rack-test (~> 0.6.3)
      rails-dom-testing (~> 2.0)
      rails-html-sanitizer (~> 1.0, >= 1.0.2)
    actionview (5.0.0.1)
      activesupport (= 5.0.0.1)
      builder (~> 3.1)
      erubis (~> 2.7.0)
      rails-dom-testing (~> 2.0)
      rails-html-sanitizer (~> 1.0, >= 1.0.2)
    activejob (5.0.0.1)
      activesupport (= 5.0.0.1)
      globalid (>= 0.3.6)
    activemodel (5.0.0.1)
      activesupport (= 5.0.0.1)
    activerecord (5.0.0.1)
      activemodel (= 5.0.0.1)
      activesupport (= 5.0.0.1)
      arel (~> 7.0)
    activesupport (5.0.0.1)
      concurrent-ruby (~> 1.0, >= 1.0.2)
      i18n (~> 0.7)
      minitest (~> 5.1)
      tzinfo (~> 1.1)
    addressable (2.4.0)
    arel (7.1.2)
    bson (4.1.1)
    builder (3.2.2)
    byebug (9.0.6)
    concurrent-ruby (1.0.2)
    crack (0.4.3)
      safe_yaml (~> 1.0.0)
    diff-lcs (1.2.5)
    docile (1.1.5)
    erubis (2.7.0)
    faraday (0.9.2)
      multipart-post (>= 1.2, < 3)
    gds-sso (13.0.0)
      multi_json (~> 1.0)
      oauth2 (~> 1.0)
      omniauth (~> 1.2)
      omniauth-gds (~> 3.2)
      rails (>= 4.2.4)
      warden (~> 1.2)
      warden-oauth2 (~> 0.0.1)
    globalid (0.3.7)
      activesupport (>= 4.1.0)
    govuk_app_config (0.2.0)
      sentry-raven (~> 2.6.3)
      statsd-ruby (~> 1.4.0)
    hashdiff (0.3.0)
    hashie (3.4.6)
    i18n (0.7.0)
    jwt (1.5.6)
    kgio (2.10.0)
    logstash-event (1.2.02)
    logstasher (0.6.5)
      logstash-event (~> 1.2.0)
      request_store
    loofah (2.0.3)
      nokogiri (>= 1.5.9)
    mail (2.6.4)
      mime-types (>= 1.16, < 4)
    method_source (0.8.2)
    mime-types (3.1)
      mime-types-data (~> 3.2015)
    mime-types-data (3.2016.0521)
    mini_portile2 (2.1.0)
    minitest (5.9.1)
    mongo (2.3.0)
      bson (~> 4.1)
    mongoid (6.0.0)
      activemodel (~> 5.0)
      mongo (~> 2.3)
    multi_json (1.12.1)
    multi_xml (0.5.5)
    multipart-post (2.0.0)
    nio4r (1.2.1)
    nokogiri (1.6.8)
      mini_portile2 (~> 2.1.0)
      pkg-config (~> 1.1.7)
    oauth2 (1.2.0)
      faraday (>= 0.8, < 0.10)
      jwt (~> 1.0)
      multi_json (~> 1.3)
      multi_xml (~> 0.5)
      rack (>= 1.2, < 3)
    omniauth (1.3.1)
      hashie (>= 1.2, < 4)
      rack (>= 1.0, < 3)
    omniauth-gds (3.2.1)
      multi_json (~> 1.10)
      omniauth-oauth2 (= 1.3.1)
    omniauth-oauth2 (1.3.1)
      oauth2 (~> 1.0)
      omniauth (~> 1.2)
    pkg-config (1.1.7)
    plek (1.12.0)
    rack (2.0.3)
    rack-proxy (0.6.2)
      rack
    rack-test (0.6.3)
      rack (>= 1.0)
    rails (5.0.0.1)
      actioncable (= 5.0.0.1)
      actionmailer (= 5.0.0.1)
      actionpack (= 5.0.0.1)
      actionview (= 5.0.0.1)
      activejob (= 5.0.0.1)
      activemodel (= 5.0.0.1)
      activerecord (= 5.0.0.1)
      activesupport (= 5.0.0.1)
      bundler (>= 1.3.0, < 2.0)
      railties (= 5.0.0.1)
      sprockets-rails (>= 2.0.0)
    rails-dom-testing (2.0.1)
      activesupport (>= 4.2.0, < 6.0)
      nokogiri (~> 1.6.0)
    rails-html-sanitizer (1.0.3)
      loofah (~> 2.0)
    railties (5.0.0.1)
      actionpack (= 5.0.0.1)
      activesupport (= 5.0.0.1)
      method_source
      rake (>= 0.8.7)
      thor (>= 0.18.1, < 2.0)
    raindrops (0.17.0)
    rake (11.3.0)
    request_store (1.3.1)
    rspec-core (3.5.4)
      rspec-support (~> 3.5.0)
    rspec-expectations (3.5.0)
      diff-lcs (>= 1.2.0, < 2.0)
      rspec-support (~> 3.5.0)
    rspec-mocks (3.5.0)
      diff-lcs (>= 1.2.0, < 2.0)
      rspec-support (~> 3.5.0)
    rspec-rails (3.5.2)
      actionpack (>= 3.0)
      activesupport (>= 3.0)
      railties (>= 3.0)
      rspec-core (~> 3.5.0)
      rspec-expectations (~> 3.5.0)
      rspec-mocks (~> 3.5.0)
      rspec-support (~> 3.5.0)
    rspec-support (3.5.0)
    safe_yaml (1.0.4)
    sentry-raven (2.6.3)
      faraday (>= 0.7.6, < 1.0)
    simplecov (0.8.2)
      docile (~> 1.1.0)
      multi_json
      simplecov-html (~> 0.8.0)
    simplecov-html (0.8.0)
    simplecov-rcov (0.2.3)
      simplecov (>= 0.4.1)
    sprockets (3.7.0)
      concurrent-ruby (~> 1.0)
      rack (> 1, < 3)
    sprockets-rails (3.2.0)
      actionpack (>= 4.0)
      activesupport (>= 4.0)
      sprockets (>= 3.0.0)
    statsd-ruby (1.4.0)
    thor (0.19.1)
    thread_safe (0.3.5)
    tzinfo (1.2.2)
      thread_safe (~> 0.1)
    unicorn (4.9.0)
      kgio (~> 2.6)
      rack
      raindrops (~> 0.7)
    warden (1.2.6)
      rack (>= 1.0)
    warden-oauth2 (0.0.1)
      warden
    webmock (2.1.0)
      addressable (>= 2.3.6)
      crack (>= 0.3.2)
      hashdiff
    websocket-driver (0.6.4)
      websocket-extensions (>= 0.1.0)
    websocket-extensions (0.1.2)

PLATFORMS
  ruby

DEPENDENCIES
  byebug
  gds-sso (~> 13.0.0)
  govuk_app_config (~> 0.2.0)
  logstasher (= 0.6.5)
  mongoid (= 6.0.0)
  plek (~> 1.10)
  rack-proxy (~> 0.6.0)
  rack-test (= 0.6.3)
  rails (= 5.0.0.1)
  rspec-rails (= 3.5.2)
  simplecov (= 0.8.2)
  simplecov-rcov (= 0.2.3)
  unicorn (= 4.9.0)
  webmock (= 2.1.0)

BUNDLED WITH
   1.15.1
